GEM
  remote: https://rubygems.org/
  specs:
    curses (1.3.1)
    power_assert (1.1.5)
    terminal-table (1.8.0)
      unicode-display_width (~> 1.1, >= 1.1.1)
    test-unit (3.3.3)
      power_assert
    unicode-display_width (1.6.0)

PLATFORMS
  ruby

DEPENDENCIES
  curses (~> 1.3)
  terminal-table (~> 1.8)
  test-unit (~> 3.3)

BUNDLED WITH
   2.0.2
