GEM
  remote: https://rubygems.org/
  specs:
    artii (2.1.2)
    curses (1.3.1)
    ffi (1.11.1)
    os (1.0.1)
    power_assert (1.1.5)
    test-unit (3.3.3)
      power_assert
    win32-sound (0.6.2)
      ffi

PLATFORMS
  ruby

DEPENDENCIES
  artii (~> 2.1)
  curses (~> 1.3)
  os (~> 1.0)
  test-unit (~> 3.3)
  win32-sound (~> 0.6.2)

BUNDLED WITH
   2.0.2
