GEM
  remote: https://rubygems.org/
  specs:
    curses (1.3.1)
    power_assert (1.1.5)
    test-unit (3.3.3)
      power_assert

PLATFORMS
  ruby

DEPENDENCIES
  curses (~> 1.3)
  test-unit (~> 3.3)

BUNDLED WITH
   2.0.2
